PATH
  remote: .
  specs:
    gamma (0.1.9)
      activesupport
      colorize (~> 0.8.1)
      mysql2
      thor (~> 0.20)

GEM
  remote: https://rubygems.org/
  specs:
    activesupport (5.2.1)
      concurrent-ruby (~> 1.0, >= 1.0.2)
      i18n (>= 0.7, < 2)
      minitest (~> 5.1)
      tzinfo (~> 1.1)
    coderay (1.1.2)
    colorize (0.8.1)
    concurrent-ruby (1.0.5)
    i18n (1.1.1)
      concurrent-ruby (~> 1.0)
    method_source (0.9.0)
    minitest (5.11.3)
    mysql2 (0.5.2)
    pry (0.11.3)
      coderay (~> 1.1.0)
      method_source (~> 0.9.0)
    rake (10.5.0)
    thor (0.20.0)
    thread_safe (0.3.6)
    tzinfo (1.2.5)
      thread_safe (~> 0.1)

PLATFORMS
  ruby

DEPENDENCIES
  bundler (~> 1.16)
  gamma!
  minitest (~> 5.0)
  pry
  rake (~> 10.0)

BUNDLED WITH
   2.2.32
